PATH
  remote: .
  specs:
    motion-locman (0.1.0)

GEM
  remote: https://rubygems.org/
  specs:
    rake (10.4.2)

PLATFORMS
  ruby

DEPENDENCIES
  motion-locman!
  rake

BUNDLED WITH
   1.10.6
