PATH
  remote: .
  specs:
    motion-locman (0.2.3)

GEM
  remote: https://rubygems.org/
  specs:
    rake (0.9.6)

PLATFORMS
  ruby

DEPENDENCIES
  motion-locman!
  rake (~> 0)

BUNDLED WITH
   1.10.6
